GEM
  remote: https://rubygems.org/
  specs:
    base64 (0.3.0)
    csv (3.3.4)
    dotenv (3.1.8)
    httpclient (2.9.0)
      mutex_m
    minitest (5.25.5)
    mutex_m (0.3.0)
    net-ssh (7.3.0)
    rake (13.2.1)

PLATFORMS
  ruby

DEPENDENCIES
  base64
  csv
  dotenv
  httpclient
  minitest
  net-ssh
  rake

BUNDLED WITH
   2.6.9
